GEM
  remote: https://rubygems.org/
  specs:
    httparty (0.14.0)
      multi_xml (>= 0.5.2)
    multi_xml (0.6.0)
    rack (2.0.1)
    rack-cors (0.4.1)
    redis (3.3.3)

PLATFORMS
  ruby

DEPENDENCIES
  httparty
  rack
  rack-cors
  redis

BUNDLED WITH
   1.14.4
